GIT
  remote: https://github.com/SciRuby/daru-io.git
  revision: dce4be1089a6c9902d91a857e0cd43cf1f9832bc
  specs:
    daru-io (0.1.0)

GIT
  remote: https://github.com/SciRuby/daru-view
  revision: 1d178bca7c21b6fa4260ed0d6bc017fb1b83f934
  specs:
    daru-view (0.1.0)
      actionview
      daru
      daru-data_tables
      google_visualr
      lazy_high_charts
      nyaplot
      thor

GIT
  remote: https://github.com/SciRuby/daru.git
  revision: e64a1d5eaf4bbea1b0a7d55af86761740ef52c6b
  specs:
    daru (0.2.1)
      backports
      packable (~> 1.3.9)

GIT
  remote: https://github.com/SciRuby/nyaplot.git
  revision: 662ebc60b0d1e9fbebe7e06530d8450d266ebbdd
  specs:
    nyaplot (0.1.6)

GIT
  remote: https://github.com/Shekharrajak/daru-data_tables.git
  revision: 660c309fc188d29bb14bb76b90560995d75650e5
  specs:
    daru-data_tables (0.1.0)
      daru

GIT
  remote: https://github.com/winston/google_visualr.git
  revision: 17b97114a345baadd011e7b442b9a6c91a2b7ab5
  specs:
    google_visualr (2.5.1)

GEM
  remote: http://rubygems.org/
  specs:
    actionview (5.2.1)
      activesupport (= 5.2.1)
      builder (~> 3.1)
      erubi (~> 1.4)
      rails-dom-testing (~> 2.0)
      rails-html-sanitizer (~> 1.0, >= 1.0.3)
    activesupport (5.2.1)
      concurrent-ruby (~> 1.0, >= 1.0.2)
      i18n (>= 0.7, < 2)
      minitest (~> 5.1)
      tzinfo (~> 1.1)
    backports (3.11.3)
    bond (0.5.1)
    builder (3.2.3)
    concurrent-ruby (1.0.5)
    crass (1.0.4)
    czmq-ffi-gen (0.15.0)
      ffi (~> 1.9.10)
    cztop (0.13.1)
      czmq-ffi-gen (~> 0.15.0)
    data_uri (0.1.0)
    erubi (1.7.1)
    ffi (1.9.25)
    hash-deep-merge (0.1.1)
    i18n (1.1.0)
      concurrent-ruby (~> 1.0)
    iruby (0.3)
      bond (~> 0.5)
      data_uri (~> 0.1)
      mimemagic (~> 0.3)
      multi_json (~> 1.11)
    lazy_high_charts (1.5.8)
      hash-deep-merge
    loofah (2.2.2)
      crass (~> 1.0.2)
      nokogiri (>= 1.5.9)
    mimemagic (0.3.2)
    mini_portile2 (2.3.0)
    minitest (5.11.3)
    multi_json (1.13.1)
    nokogiri (1.8.4)
      mini_portile2 (~> 2.3.0)
    packable (1.3.9)
      backports
    rails-dom-testing (2.0.3)
      activesupport (>= 4.2.0)
      nokogiri (>= 1.6)
    rails-html-sanitizer (1.0.4)
      loofah (~> 2.2, >= 2.2.2)
    thor (0.20.0)
    thread_safe (0.3.6)
    tzinfo (1.2.5)
      thread_safe (~> 0.1)

PLATFORMS
  ruby

DEPENDENCIES
  cztop
  daru!
  daru-data_tables!
  daru-io!
  daru-view!
  google_visualr!
  iruby
  nyaplot!

BUNDLED WITH
   1.16.3
